GIT
  remote: git://github.com/capistrano/bundler.git
  revision: f1ac9eabb3674812c40607714735a36a2185877c
  specs:
    capistrano-bundler (1.1.2)
      capistrano (~> 3.1)
      sshkit (~> 1.2)

GIT
  remote: git://github.com/capistrano/capistrano.git
  revision: 39e88957610394629af68299e10f6779af25ac79
  branch: master
  specs:
    capistrano (3.2.1)
      highline
      i18n
      rake (>= 10.0.0)
      sshkit (~> 1.3)

GIT
  remote: git://github.com/capistrano/rvm.git
  revision: dc35ec5e7a74a422250bd6ff5e8885c8b742d0e5
  specs:
    capistrano-rvm (0.1.1)
      capistrano (~> 3.0)
      sshkit (~> 1.2)

GIT
  remote: git://github.com/sshingler/capistrano-resque.git
  revision: 94c388e015744dda90fee0c482cc39692f902ec4
  specs:
    capistrano-resque (0.1.0)
      capistrano
      resque
      resque-scheduler

PATH
  remote: ../diamond
  specs:
    diamond (0.0.1)
      rails (~> 4.0.4)

PATH
  remote: ../graphite
  specs:
    graphite (0.0.1)
      rails (~> 4.0.4)

GEM
  remote: https://rubygems.org/
  specs:
    actionmailer (4.0.4)
      actionpack (= 4.0.4)
      mail (~> 2.5.4)
    actionpack (4.0.4)
      activesupport (= 4.0.4)
      builder (~> 3.1.0)
      erubis (~> 2.7.0)
      rack (~> 1.5.2)
      rack-test (~> 0.6.2)
    activemodel (4.0.4)
      activesupport (= 4.0.4)
      builder (~> 3.1.0)
    activerecord (4.0.4)
      activemodel (= 4.0.4)
      activerecord-deprecated_finders (~> 1.0.2)
      activesupport (= 4.0.4)
      arel (~> 4.0.0)
    activerecord-deprecated_finders (1.0.3)
    activesupport (4.0.4)
      i18n (~> 0.6, >= 0.6.9)
      minitest (~> 4.2)
      multi_json (~> 1.3)
      thread_safe (~> 0.1)
      tzinfo (~> 0.3.37)
    airbrake (3.1.16)
      builder
      multi_json
    arel (4.0.2)
    authlogic (3.4.2)
      activerecord (>= 3.2)
      activesupport (>= 3.2)
      request_store (~> 1.0)
    bcrypt (3.1.7)
    better_errors (1.1.0)
      coderay (>= 1.0.0)
      erubis (>= 2.6.6)
    binding_of_caller (0.7.2)
      debug_inspector (>= 0.0.1)
    bootstrap-sass (3.1.1.1)
      sass (~> 3.2)
    builder (3.1.4)
    byebug (3.1.2)
      columnize (~> 0.8)
      debugger-linecache (~> 1.2)
    cancancan (1.7.1)
    capistrano-rails (1.1.1)
      capistrano (~> 3.1)
      capistrano-bundler (~> 1.1)
    capistrano3-unicorn (0.1.1)
      capistrano (>= 3.1.0)
    coderay (1.1.0)
    coffee-rails (4.0.1)
      coffee-script (>= 2.2.0)
      railties (>= 4.0.0, < 5.0)
    coffee-script (2.2.0)
      coffee-script-source
      execjs
    coffee-script-source (1.7.0)
    columnize (0.8.9)
    daemons (1.1.9)
    debug_inspector (0.0.2)
    debugger-linecache (1.2.0)
    erubis (2.7.0)
    eventmachine (1.0.3)
    execjs (2.0.2)
    ffi (1.9.3)
    ffi-compiler (0.1.3)
      ffi (>= 1.0.0)
      rake
    globalize (4.0.1)
      activemodel (>= 4.0.0, < 5)
      activerecord (>= 4.0.0, < 5)
    globalize-accessors (0.1.3)
      globalize (>= 3)
    highline (1.6.21)
    hike (1.2.3)
    hirb (0.7.1)
    i18n (0.6.9)
    interactive_editor (0.0.10)
      spoon (>= 0.0.1)
    jbuilder (1.5.3)
      activesupport (>= 3.0.0)
      multi_json (>= 1.2.0)
    jquery-rails (3.1.0)
      railties (>= 3.0, < 5.0)
      thor (>= 0.14, < 2.0)
    json (1.8.1)
    kgio (2.9.2)
    libv8 (3.16.14.3)
    mail (2.5.4)
      mime-types (~> 1.16)
      treetop (~> 1.4.8)
    mime-types (1.25.1)
    minitest (4.7.5)
    mono_logger (1.1.0)
    multi_json (1.9.3)
    net-scp (1.2.1)
      net-ssh (>= 2.6.5)
    net-ssh (2.9.0)
    pg (0.17.1)
    polyglot (0.3.4)
    rack (1.5.2)
    rack-protection (1.5.3)
      rack
    rack-test (0.6.2)
      rack (>= 1.0)
    rails (4.0.4)
      actionmailer (= 4.0.4)
      actionpack (= 4.0.4)
      activerecord (= 4.0.4)
      activesupport (= 4.0.4)
      bundler (>= 1.3.0, < 2.0)
      railties (= 4.0.4)
      sprockets-rails (~> 2.0.0)
    railties (4.0.4)
      actionpack (= 4.0.4)
      activesupport (= 4.0.4)
      rake (>= 0.8.7)
      thor (>= 0.18.1, < 2.0)
    raindrops (0.13.0)
    rake (10.3.1)
    redis (3.0.7)
    redis-namespace (1.4.1)
      redis (~> 3.0.4)
    ref (1.0.5)
    request_store (1.0.5)
    resque (1.25.2)
      mono_logger (~> 1.0)
      multi_json (~> 1.0)
      redis-namespace (~> 1.3)
      sinatra (>= 0.9.2)
      vegas (~> 0.1.2)
    resque-scheduler (2.5.5)
      mono_logger (~> 1.0)
      redis (~> 3.0.4)
      resque (~> 1.25.1)
      rufus-scheduler (~> 2.0.24)
    resque-web (0.0.5)
      coffee-rails
      jquery-rails
      resque
      sass-rails
      twitter-bootstrap-rails
    rufus-scheduler (2.0.24)
      tzinfo (>= 0.3.22)
    sass (3.2.19)
    sass-rails (4.0.3)
      railties (>= 4.0.0, < 5.0)
      sass (~> 3.2.0)
      sprockets (~> 2.8, <= 2.11.0)
      sprockets-rails (~> 2.0)
    scrypt (1.2.1)
      ffi-compiler (>= 0.0.2)
      rake
    seedbank (0.3.0)
    simple-navigation (3.13.0)
      activesupport (>= 2.3.2)
    simple-navigation-bootstrap (1.0.0)
      railties (>= 3.1)
      simple-navigation (>= 3.7.0)
    sinatra (1.4.5)
      rack (~> 1.4)
      rack-protection (~> 1.4)
      tilt (~> 1.3, >= 1.3.4)
    spoon (0.0.4)
      ffi
    sprockets (2.11.0)
      hike (~> 1.2)
      multi_json (~> 1.0)
      rack (~> 1.0)
      tilt (~> 1.1, != 1.3.0)
    sprockets-rails (2.0.1)
      actionpack (>= 3.0)
      activesupport (>= 3.0)
      sprockets (~> 2.8)
    sprockets_better_errors (0.0.5)
      actionpack (< 4.1)
      activesupport (< 4.1)
      sprockets-rails (>= 1.0.0)
    sshkit (1.4.0)
      net-scp (>= 1.1.2)
      net-ssh (>= 2.8.0)
      term-ansicolor
    term-ansicolor (1.3.0)
      tins (~> 1.0)
    therubyracer (0.12.1)
      libv8 (~> 3.16.14.0)
      ref
    thin (1.6.2)
      daemons (>= 1.0.9)
      eventmachine (>= 1.0.0)
      rack (>= 1.0.0)
    thor (0.19.1)
    thread_safe (0.3.3)
    tilt (1.4.1)
    tins (1.1.0)
    treetop (1.4.15)
      polyglot
      polyglot (>= 0.3.1)
    twitter-bootstrap-rails (2.2.8)
      actionpack (>= 3.1)
      execjs
      rails (>= 3.1)
      railties (>= 3.1)
    tzinfo (0.3.39)
    uglifier (2.5.0)
      execjs (>= 0.3.0)
      json (>= 1.8.0)
    unicorn (4.8.2)
      kgio (~> 2.6)
      rack
      raindrops (~> 0.7)
    vegas (0.1.11)
      rack (>= 1.0.0)
    will_paginate (3.0.5)
    will_paginate-bootstrap (1.0.0)
      will_paginate (>= 3.0.3)
    wirble (0.1.3)
    workflow (1.1.0)

PLATFORMS
  ruby

DEPENDENCIES
  airbrake
  authlogic
  bcrypt
  better_errors
  binding_of_caller
  bootstrap-sass (~> 3.1.1)
  byebug
  cancancan (~> 1.7)
  capistrano!
  capistrano-bundler!
  capistrano-rails (~> 1.1.0)
  capistrano-resque!
  capistrano-rvm!
  capistrano3-unicorn
  diamond (~> 0.0.1)!
  globalize (~> 4.0.1)
  globalize-accessors
  graphite (~> 0.0.1)!
  hirb
  interactive_editor
  jbuilder (~> 1.2)
  jquery-rails
  pg
  rails (= 4.0.4)
  resque
  resque-web
  sass-rails (>= 4.0.3)
  scrypt
  seedbank
  simple-navigation
  simple-navigation-bootstrap
  sprockets_better_errors
  therubyracer
  thin
  uglifier (>= 1.3.0)
  unicorn
  will_paginate-bootstrap
  wirble
  workflow
